GEM
  remote: https://rubygems.org/
  specs:
    activesupport (5.1.4)
      concurrent-ruby (~> 1.0, >= 1.0.2)
      i18n (~> 0.7)
      minitest (~> 5.1)
      tzinfo (~> 1.1)
    bones (3.8.4)
      little-plugger (~> 1.1)
      loquacious (~> 1.9)
      rake (~> 12.0)
      rdoc (~> 5.0)
    concurrent-ruby (1.0.5)
    i18n (0.9.1)
      concurrent-ruby (~> 1.0)
    little-plugger (1.1.4)
    loquacious (1.9.1)
    minitest (5.10.3)
    rake (12.3.3)
    rdoc (5.1.0)
    shoulda (3.5.0)
      shoulda-context (~> 1.0, >= 1.0.1)
      shoulda-matchers (>= 1.4.1, < 3.0)
    shoulda-context (1.2.2)
    shoulda-matchers (2.8.0)
      activesupport (>= 3.0.0)
    thread_safe (0.3.6)
    tzinfo (1.2.4)
      thread_safe (~> 0.1)

PLATFORMS
  ruby

DEPENDENCIES
  bones (~> 3.8)
  rake (~> 12.3)
  shoulda (~> 3.5)

BUNDLED WITH
   1.15.3
