GEM
  remote: https://rubygems.org/
  specs:
    activesupport (7.0.7.2)
      concurrent-ruby (~> 1.0, >= 1.0.2)
      i18n (>= 1.6, < 2)
      minitest (>= 5.1)
      tzinfo (~> 2.0)
    bones (3.8.4)
      little-plugger (~> 1.1)
      loquacious (~> 1.9)
      rake (~> 12.0)
      rdoc (~> 5.0)
    concurrent-ruby (1.2.2)
    i18n (1.14.1)
      concurrent-ruby (~> 1.0)
    little-plugger (1.1.4)
    loquacious (1.9.1)
    minitest (5.19.0)
    rake (12.3.3)
    rdoc (5.1.0)
    shoulda (3.5.0)
      shoulda-context (~> 1.0, >= 1.0.1)
      shoulda-matchers (>= 1.4.1, < 3.0)
    shoulda-context (1.2.2)
    shoulda-matchers (2.8.0)
      activesupport (>= 3.0.0)
    tzinfo (2.0.6)
      concurrent-ruby (~> 1.0)

PLATFORMS
  ruby

DEPENDENCIES
  bones (~> 3.8)
  rake (~> 12.3)
  shoulda (~> 3.5)

BUNDLED WITH
   1.15.3
